GEM
  remote: http://rubygems.org/
  specs:
    RedCloth (4.2.9)
    albino (1.3.3)
      posix-spawn (>= 0.3.6)
    bibtex-ruby (2.1.2)
      latex-decode (>= 0.0.6)
      multi_json (~> 1.3)
    blankslate (3.1.3)
    chunky_png (1.2.5)
    citeproc-ruby (0.0.6)
      logging (~> 1.5)
      nokogiri (~> 1.5)
    classifier (1.3.5)
      fast-stemmer (~> 1.0.0)
      mathn
      rake
    compass (0.12.2)
      chunky_png (~> 1.2)
      fssm (>= 0.2.7)
      sass (~> 3.1)
    directory_watcher (1.5.1)
    fast-stemmer (1.0.2)
    ffi (1.0.11)
    fssm (0.2.10)
    haml (3.1.8)
    jekyll (0.11.2)
      albino (~> 1.3)
      classifier (~> 1.3)
      directory_watcher (~> 1.1)
      kramdown (~> 0.13)
      liquid (~> 2.3)
      maruku (~> 0.5)
    kramdown (0.14.2)
    latex-decode (0.3.2)
    liquid (2.3.0)
    little-plugger (1.1.4)
    logging (1.8.2)
      little-plugger (>= 1.1.3)
      multi_json (>= 1.8.4)
    maruku (0.7.3)
    mathn (0.1.0)
    mini_portile2 (2.1.0)
    multi_json (1.15.0)
    nokogiri (1.6.8.1)
      mini_portile2 (~> 2.1.0)
    posix-spawn (0.3.15)
    pygments.rb (0.2.13)
      rubypython (~> 0.5.3)
    rack (1.4.7)
    rack-protection (1.5.5)
      rack
    rake (0.9.6)
    rb-fsevent (0.10.4)
    rdiscount (1.6.8)
    redcarpet (3.5.1)
    rubypants (0.2.0)
    rubypython (0.5.3)
      blankslate (>= 2.1.2.3)
      ffi (~> 1.0.7)
    sass (3.1.20)
    sinatra (1.3.6)
      rack (~> 1.4)
      rack-protection (~> 1.3)
      tilt (~> 1.3, >= 1.3.3)
    stringex (1.4.0)
    tilt (1.4.1)
    unicode (0.4.4.4)

PLATFORMS
  ruby

DEPENDENCIES
  RedCloth (~> 4.2.9)
  bibtex-ruby (~> 2.1.1)
  chunky_png (= 1.2.5)
  citeproc-ruby (~> 0.0.6)
  compass (= 0.12.2)
  haml (~> 3.1.6)
  jekyll (~> 0.11.2)
  liquid (~> 2.3.0)
  pygments.rb (~> 0.2.12)
  rack (~> 1.4.1)
  rake (~> 0.9.2)
  rb-fsevent (~> 0.9)
  rdiscount (~> 1.6.8)
  redcarpet (~> 3)
  rubypants (~> 0.2.0)
  sass (= 3.1.20)
  sinatra (~> 1.3.2)
  stringex (~> 1.4.0)
  unicode

BUNDLED WITH
   1.17.3
